GEM
  remote: https://rubygems.org/
  specs:
    motion-capture (1.3.1)
    rake (12.3.1)

PLATFORMS
  ruby

DEPENDENCIES
  motion-capture
  rake

BUNDLED WITH
   1.16.2
