GEM
  remote: https://rubygems.org/
  specs:
    motion-capture (1.3.1)
    rake (10.4.2)

PLATFORMS
  ruby

DEPENDENCIES
  motion-capture
  rake
